PATH
  remote: .
  specs:
    fsgrowl (0.1.0)
      json
      nokogiri
      ruby-growl

GEM
  remote: http://rubygems.org/
  specs:
    json (1.6.5)
    nokogiri (1.5.0)
    rake (0.8.7)
    ruby-growl (3.0)

PLATFORMS
  ruby

DEPENDENCIES
  fsgrowl!
  rake
